GEM
  remote: https://rubygems.org/
  specs:
    albino (1.3.3)
      posix-spawn (>= 0.3.6)
    github-markup (3.0.5)
    mini_portile2 (2.5.0)
    nokogiri (1.11.2)
      mini_portile2 (~> 2.5.0)
      racc (~> 1.4)
    posix-spawn (0.3.15)
    racc (1.5.2)
    redcarpet (3.5.1)

PLATFORMS
  ruby

DEPENDENCIES
  albino
  github-markup
  nokogiri
  redcarpet

BUNDLED WITH
   2.1.4
